GIT
  remote: http://github.com/documentcloud/jammit.git
  revision: 6049bf71385a96bdcc19395830cd31d05b4cae98
  specs:
    jammit (0.5.3)
      closure-compiler (>= 0.1.0)
      yui-compressor (>= 0.9.1)

GEM
  remote: http://rubygems.org/
  specs:
    abstract (1.0.0)
    actionmailer (3.0.1)
      actionpack (= 3.0.1)
      mail (~> 2.2.5)
    actionpack (3.0.1)
      activemodel (= 3.0.1)
      activesupport (= 3.0.1)
      builder (~> 2.1.2)
      erubis (~> 2.6.6)
      i18n (~> 0.4.1)
      rack (~> 1.2.1)
      rack-mount (~> 0.6.12)
      rack-test (~> 0.5.4)
      tzinfo (~> 0.3.23)
    activemodel (3.0.1)
      activesupport (= 3.0.1)
      builder (~> 2.1.2)
      i18n (~> 0.4.1)
    activerecord (3.0.1)
      activemodel (= 3.0.1)
      activesupport (= 3.0.1)
      arel (~> 1.0.0)
      tzinfo (~> 0.3.23)
    activeresource (3.0.1)
      activemodel (= 3.0.1)
      activesupport (= 3.0.1)
    activesupport (3.0.1)
    arel (1.0.1)
      activesupport (~> 3.0.0)
    attribute_normalizer (0.3.1)
    bcrypt-ruby (2.1.2)
    builder (2.1.2)
    cancan (1.4.0)
    closure-compiler (0.3.3)
    compass (0.10.5)
      haml (>= 3.0.4)
    convenient_scopes (0.4.0)
      activerecord (>= 3.0.0.beta4)
    devise (1.1.3)
      bcrypt-ruby (~> 2.1.2)
      warden (~> 0.10.7)
    erubis (2.6.6)
      abstract (>= 1.0.0)
    haml (3.0.21)
    has_scope (0.5.0)
    i18n (0.4.1)
    inherited_resources (1.1.2)
      has_scope (~> 0.5.0)
      responders (~> 0.6.0)
    inherited_resources_views (0.3.1)
      inherited_resources (>= 1.0)
    mail (2.2.7)
      activesupport (>= 2.3.6)
      mime-types
      treetop (>= 1.4.5)
    mime-types (1.16)
    paperclip (2.3.4)
      activerecord
      activesupport
    polyglot (0.3.1)
    rack (1.2.1)
    rack-mount (0.6.13)
      rack (>= 1.0.0)
    rack-test (0.5.6)
      rack (>= 1.0)
    rails (3.0.1)
      actionmailer (= 3.0.1)
      actionpack (= 3.0.1)
      activerecord (= 3.0.1)
      activeresource (= 3.0.1)
      activesupport (= 3.0.1)
      bundler (~> 1.0.0)
      railties (= 3.0.1)
    rails-erd (0.4.1)
      activerecord (~> 3.0)
      activesupport (~> 3.0)
      ruby-graphviz (~> 0.9.18)
    railties (3.0.1)
      actionpack (= 3.0.1)
      activesupport (= 3.0.1)
      rake (>= 0.8.4)
      thor (~> 0.14.0)
    rake (0.8.7)
    responders (0.6.2)
    ruby-graphviz (0.9.18)
    ruby-mysql (2.9.3)
    scoped_search (2.2.0)
      activerecord (>= 2.1.0)
    simple_form (1.2.2)
    sqlite3-ruby (1.3.1)
    thor (0.14.3)
    treetop (1.4.8)
      polyglot (>= 0.3.1)
    tzinfo (0.3.23)
    warden (0.10.7)
      rack (>= 1.0.0)
    will_paginate (2.3.15)
    yui-compressor (0.9.1)

PLATFORMS
  ruby

DEPENDENCIES
  attribute_normalizer
  cancan
  compass
  convenient_scopes
  devise
  haml
  inherited_resources
  inherited_resources_views
  jammit!
  paperclip
  rails (= 3.0.1)
  rails-erd
  responders
  ruby-mysql
  scoped_search
  simple_form
  sqlite3-ruby
  will_paginate
